GEM
  remote: https://rubygems.org/
  specs:
    cql-rb (2.0.3)
      ione (~> 1)
    ione (1.1.3)

PLATFORMS
  ruby

DEPENDENCIES
  cql-rb
